GEM
  remote: https://rubygems.org/
  specs:
    aws-sdk-v1 (1.64.0)
      json (~> 1.4)
      nokogiri (>= 1.4.4)
    daemons (1.2.3)
    json (1.8.3)
    mini_portile (0.6.2)
    mysql2 (0.3.18)
    nokogiri (1.6.6.2)
      mini_portile (~> 0.6.0)

PLATFORMS
  ruby

DEPENDENCIES
  aws-sdk-v1
  bundler
  daemons
  json
  mysql2

BUNDLED WITH
   1.10.6
